PATH
  remote: .
  specs:
    ip_info (0.1.2)
      maxmind-geoip2

GEM
  remote: https://rubygems.org/
  specs:
    addressable (2.8.7)
      public_suffix (>= 2.0.2, < 7.0)
    connection_pool (2.5.3)
    domain_name (0.6.20240107)
    http (5.3.0)
      addressable (~> 2.8)
      http-cookie (~> 1.0)
      http-form_data (~> 2.2)
      llhttp (~> 0.5.0)
    http-cookie (1.0.8)
      domain_name (~> 0.5)
    http-form_data (2.3.0)
    llhttp (0.5.0)
    maxmind-db (1.3.2)
    maxmind-geoip2 (1.3.0)
      connection_pool (~> 2.2)
      http (>= 4.3, < 6.0)
      maxmind-db (~> 1.2)
    minitest (5.25.5)
    public_suffix (6.0.2)
    rake (12.3.3)

PLATFORMS
  ruby

DEPENDENCIES
  ip_info!
  minitest (~> 5.0)
  rake (~> 12.0)

BUNDLED WITH
   2.6.9
